GEM
  remote: http://rubygems.org/
  specs:
    diff-lcs (1.1.3)
    gruff (0.3.6)
    httperfrb (0.3.0pre2)
      open4
    multi_json (1.3.6)
    open4 (1.3.0)
    rake (0.9.2.2)
    redcarpet (2.1.1)
    rmagick (2.13.1)
    rspec (2.11.0)
      rspec-core (~> 2.11.0)
      rspec-expectations (~> 2.11.0)
      rspec-mocks (~> 2.11.0)
    rspec-core (2.11.1)
    rspec-expectations (2.11.2)
      diff-lcs (~> 1.1.3)
    rspec-mocks (2.11.2)
    simplecov (0.6.4)
      multi_json (~> 1.0)
      simplecov-html (~> 0.5.3)
    simplecov-html (0.5.3)
    yard (0.8.2.1)

PLATFORMS
  ruby

DEPENDENCIES
  gruff
  httperfrb (= 0.3.0pre2)
  rake
  redcarpet
  rmagick
  rspec
  simplecov
  yard
